NUGET
  remote: https://www.nuget.org/api/v2
  specs:
    canopy (0.9.47)
      FSharp.Core (>= 3.0.2)
      Selenium.WebDriver (2.52.0)
    FSharp.Core (4.0.0.1)
    Selenium.Support (2.52.0)
      Selenium.WebDriver (>= 2.52.0)
    Selenium.WebDriver (2.52.0)
